GEM
  remote: https://rubygems.org/
  specs:
    actionpack (2.3.2)
      activesupport (= 2.3.2)
    activesupport (2.3.2)
    apollo-federation (1.1.5)
      google-protobuf (~> 3.7)
      graphql (>= 1.9.8)
    byebug (11.0.1)
    coderay (1.1.3)
    google-protobuf (3.9.2)
    graphql (1.9.13)
    method_source (0.9.2)
    mini_portile2 (2.8.0)
    nokogiri (1.13.9)
      mini_portile2 (~> 2.8.0)
      racc (~> 1.4)
    pry (0.12.2)
      coderay (~> 1.1.0)
      method_source (~> 0.9.0)
    pry-byebug (3.8.0)
      byebug (~> 11.0)
      pry (~> 0.10)
    racc (1.6.0)
    rack (3.0.0)

PLATFORMS
  ruby

DEPENDENCIES
  actionpack
  apollo-federation
  pry-byebug
  rack

BUNDLED WITH
   2.0.1
