GIT
  remote: https://github.com/prikha/apollo-federation-ruby.git
  revision: 87a60a1e01db7a61c6422ea24a8d50685c724e7e
  branch: lazy-object-support
  specs:
    apollo-federation (0.4.0)
      google-protobuf (~> 3.9.1)
      graphql (~> 1.9.12)

GEM
  remote: https://rubygems.org/
  specs:
    byebug (11.0.1)
    coderay (1.1.2)
    google-protobuf (3.9.2)
    graphql (1.9.13)
    graphql-batch (0.4.1)
      graphql (>= 1.3, < 2)
      promise.rb (~> 0.7.2)
    method_source (0.9.2)
    promise.rb (0.7.4)
    pry (0.12.2)
      coderay (~> 1.1.0)
      method_source (~> 0.9.0)
    pry-byebug (3.7.0)
      byebug (~> 11.0)
      pry (~> 0.10)
    rack (2.0.7)

PLATFORMS
  ruby

DEPENDENCIES
  apollo-federation!
  graphql-batch
  pry-byebug
  rack

BUNDLED WITH
   2.0.1
